GIT
  remote: git://github.com/opscode/test-kitchen.git
  revision: 8ee8d0178d01d78aac746b62527331439ef6f326
  branch: 1.0
  specs:
    test-kitchen (1.0.0.dev)
      celluloid
      mixlib-shellout
      net-scp
      net-ssh
      pry
      safe_yaml
      thor

GEM
  remote: http://rubygems.org/
  specs:
    archive-tar-minitar (0.5.2)
    capifony (2.2.8)
      capistrano (>= 2.13.5, < 2.15)
      capistrano-maintenance (= 0.0.2)
      colored (>= 1.2.0)
      inifile (>= 2.0.2)
    capistrano (2.14.2)
      highline
      net-scp (>= 1.0.0)
      net-sftp (>= 2.0.0)
      net-ssh (>= 2.0.14)
      net-ssh-gateway (>= 1.1.0)
    capistrano-maintenance (0.0.2)
      capistrano (>= 2.0.0)
    celluloid (0.14.0)
      timers (>= 1.0.0)
    chef (11.4.4)
      erubis
      highline (>= 1.6.9)
      json (>= 1.4.4, <= 1.7.7)
      mixlib-authentication (>= 1.3.0)
      mixlib-cli (~> 1.3.0)
      mixlib-config (>= 1.1.2)
      mixlib-log (>= 1.3.0)
      mixlib-shellout
      net-ssh (~> 2.6)
      net-ssh-multi (~> 1.1.0)
      ohai (>= 0.6.0)
      rest-client (>= 1.0.4, < 1.7.0)
      yajl-ruby (~> 1.1)
    coderay (1.0.9)
    colored (1.2)
    erubis (2.7.0)
    ffi (1.8.1)
    highline (1.6.18)
    inifile (2.0.2)
    ipaddress (0.8.0)
    json (1.7.7)
    knife-solo (0.2.0)
      chef (>= 10.12)
      librarian (~> 0.0.20)
      net-ssh (>= 2.2.2, < 3.0)
    librarian (0.0.26)
      archive-tar-minitar (>= 0.5.2)
      chef (>= 0.10)
      highline
      thor (~> 0.15)
    method_source (0.8.1)
    mime-types (1.23)
    mixlib-authentication (1.3.0)
      mixlib-log
    mixlib-cli (1.3.0)
    mixlib-config (1.1.2)
    mixlib-log (1.6.0)
    mixlib-shellout (1.1.0)
    multi_json (1.7.3)
    net-scp (1.1.0)
      net-ssh (>= 2.6.5)
    net-sftp (2.1.2)
      net-ssh (>= 2.6.5)
    net-ssh (2.6.7)
    net-ssh-gateway (1.2.0)
      net-ssh (>= 2.6.5)
    net-ssh-multi (1.1)
      net-ssh (>= 2.1.4)
      net-ssh-gateway (>= 0.99.0)
    ohai (6.16.0)
      ipaddress
      mixlib-cli
      mixlib-config
      mixlib-log
      mixlib-shellout
      systemu
      yajl-ruby
    pry (0.9.12.1)
      coderay (~> 1.0.5)
      method_source (~> 0.8)
      slop (~> 3.4)
    rest-client (1.6.7)
      mime-types (>= 1.16)
    safe_yaml (0.9.1)
    slop (3.4.4)
    systemu (2.5.2)
    thor (0.18.1)
    timers (1.1.0)
    yajl-ruby (1.1.0)

PLATFORMS
  ruby

DEPENDENCIES
  capifony
  chef (~> 11.4.4)
  ffi
  knife-solo
  librarian
  multi_json
  test-kitchen!
